GEM
  remote: https://rubygems.org/
  specs:
    adal (0.1.0)
      jwt (~> 1.5)
      nokogiri (~> 1.6)
      uri_template (~> 0.7)
    highline (1.7.3)
    jwt (1.5.1)
    mini_portile (0.6.2)
    nokogiri (1.6.6.2)
      mini_portile (~> 0.6.0)
    onedrive_for_business (1.0.3)
    uri_template (0.7.0)

PLATFORMS
  ruby

DEPENDENCIES
  adal (~> 0.1)
  highline (~> 1.7)
  onedrive_for_business (~> 1.0.3)

BUNDLED WITH
   1.10.6
